GEM
  remote: https://rubygems.org/
  specs:
    addressable (2.8.3)
      public_suffix (>= 2.0.2, < 6.0)
    benchmark (0.2.1)
    byebug (11.1.3)
    coderay (1.1.3)
    concurrent-ruby (1.2.2)
    curb (1.0.1)
    diff-lcs (1.5.0)
    domain_name (0.5.20190701)
      unf (>= 0.0.5, < 1.0.0)
    elastic-apm (4.6.2)
      concurrent-ruby (~> 1.0)
      http (>= 3.0)
      ruby2_keywords
    ffi (1.15.5)
    ffi-compiler (1.0.1)
      ffi (>= 1.0.0)
      rake
    hashie (5.0.0)
    http (5.1.1)
      addressable (~> 2.8)
      http-cookie (~> 1.0)
      http-form_data (~> 2.2)
      llhttp-ffi (~> 0.4.0)
    http-cookie (1.0.5)
      domain_name (~> 0.5)
    http-form_data (2.3.0)
    json (2.6.2)
    llhttp-ffi (0.4.0)
      ffi-compiler (~> 1.0)
      rake (~> 13.0)
    memory_profiler (1.0.1)
    multi_json (1.15.0)
    mustermann (2.0.2)
      ruby2_keywords (~> 0.0.1)
    nio4r (2.5.8)
    public_suffix (5.0.1)
    puma (5.6.4)
      nio4r (~> 2.0)
    rack (2.2.4)
    rack-protection (2.2.2)
      rack
    rack-test (2.0.2)
      rack (>= 1.3)
    rack-timeout (0.6.3)
    rake (13.0.6)
    rspec (3.11.0)
      rspec-core (~> 3.11.0)
      rspec-expectations (~> 3.11.0)
      rspec-mocks (~> 3.11.0)
    rspec-core (3.11.0)
      rspec-support (~> 3.11.0)
    rspec-expectations (3.11.0)
      diff-lcs (>= 1.2.0, < 2.0)
      rspec-support (~> 3.11.0)
    rspec-mocks (3.11.1)
      diff-lcs (>= 1.2.0, < 2.0)
      rspec-support (~> 3.11.0)
    rspec-support (3.11.0)
    ruby2_keywords (0.0.5)
    sinatra (2.2.2)
      mustermann (~> 2.0)
      rack (~> 2.2)
      rack-protection (= 2.2.2)
      tilt (~> 2.0)
    sinatra-contrib (2.2.2)
      multi_json
      mustermann (~> 2.0)
      rack-protection (= 2.2.2)
      sinatra (= 2.2.2)
      tilt (~> 2.0)
    stackprof (0.2.25)
    tilt (2.0.11)
    tty-cursor (0.7.1)
    tty-spinner (0.9.3)
      tty-cursor (~> 0.7)
    unf (0.1.4)
      unf_ext
    unf_ext (0.0.8.2)

PLATFORMS
  arm64-darwin-21

DEPENDENCIES
  benchmark
  byebug
  coderay
  concurrent-ruby
  curb
  elastic-apm
  hashie
  json
  memory_profiler
  puma
  rack-test
  rack-timeout
  rspec
  sinatra
  sinatra-contrib
  stackprof
  tty-spinner

BUNDLED WITH
   2.2.33
